PATH
  remote: .
  specs:
    pact-cli (0.1.0)
      pact-mock_service
      pact-provider-verifier

GEM
  remote: https://rubygems.org/
  specs:
    awesome_print (1.8.0)
    diff-lcs (1.3)
    faraday (0.15.2)
      multipart-post (>= 1.2, < 3)
    faraday_middleware (0.12.2)
      faraday (>= 0.7.4, < 1.0)
    filelock (1.1.1)
    find_a_port (1.0.1)
    json (2.1.0)
    multipart-post (2.0.0)
    pact (1.33.0)
      json (> 1.8.5)
      pact-mock_service (~> 2.10.0)
      pact-support (~> 1.7)
      rack-test (~> 0.6, >= 0.6.3)
      randexp (~> 0.1.7)
      rspec (>= 2.14)
      term-ansicolor (~> 1.0)
      thor
      webrick
    pact-message (0.4.5)
      pact-mock_service (~> 2.6)
      pact-support (~> 1.6)
      thor (~> 0.20)
    pact-mock_service (2.10.0)
      filelock (~> 1.1)
      find_a_port (~> 1.0.1)
      json
      pact-support (~> 1.2, >= 1.2.1)
      rack (~> 2.0)
      rspec (>= 2.14)
      term-ansicolor (~> 1.0)
      thor (~> 0.19)
      webrick (~> 1.3)
    pact-provider-verifier (1.15.0)
      faraday (~> 0.9, >= 0.9.0)
      faraday_middleware (~> 0.10)
      json (> 1.8)
      pact (~> 1.17)
      pact-message (~> 0.4, >= 0.4.1)
      rack (~> 2.0)
      rack-reverse-proxy
      rake (~> 10.4, >= 10.4.2)
      rspec (~> 3.5)
      rspec_junit_formatter (~> 0.3)
    pact-support (1.7.2)
      awesome_print (~> 1.1)
      find_a_port (~> 1.0.1)
      json
      randexp (~> 0.1.7)
      rspec (>= 2.14)
      term-ansicolor (~> 1.0)
      thor
    rack (2.0.5)
    rack-proxy (0.6.4)
      rack
    rack-reverse-proxy (0.12.0)
      rack (>= 1.0.0)
      rack-proxy (~> 0.6, >= 0.6.1)
    rack-test (0.8.3)
      rack (>= 1.0, < 3)
    rake (10.5.0)
    randexp (0.1.7)
    rspec (3.8.0)
      rspec-core (~> 3.8.0)
      rspec-expectations (~> 3.8.0)
      rspec-mocks (~> 3.8.0)
    rspec-core (3.8.0)
      rspec-support (~> 3.8.0)
    rspec-expectations (3.8.1)
      diff-lcs (>= 1.2.0, < 2.0)
      rspec-support (~> 3.8.0)
    rspec-mocks (3.8.0)
      diff-lcs (>= 1.2.0, < 2.0)
      rspec-support (~> 3.8.0)
    rspec-support (3.8.0)
    rspec_junit_formatter (0.4.1)
      rspec-core (>= 2, < 4, != 2.12.0)
    term-ansicolor (1.6.0)
      tins (~> 1.0)
    thor (0.20.0)
    tins (1.16.3)
    webrick (1.4.2)

PLATFORMS
  ruby

DEPENDENCIES
  bundler (~> 1.16)
  pact-cli!
  rake (~> 10.0)
  rspec (~> 3.0)

BUNDLED WITH
   1.16.2
